GIT
  remote: https://github.com/ucarbehlul/bitcoind.git
  revision: 26859f24c3dc1970b36caa4e378081c231bd65b9
  specs:
    bitcoind (0.1.0)
      activesupport (~> 3.0)
      memoist (~> 0.2)
      rest-client (~> 1.6)

GEM
  remote: http://rubygems.org/
  specs:
    activesupport (3.2.12)
      i18n (~> 0.6)
      multi_json (~> 1.0)
    addressable (2.2.8)
    awesome_print (1.1.0)
    bcrypt-ruby (3.0.1)
    colorize (0.5.8)
    columnize (0.3.6)
    data_objects (0.10.12)
      addressable (~> 2.1)
    datamapper (1.2.0)
      dm-aggregates (~> 1.2.0)
      dm-constraints (~> 1.2.0)
      dm-core (~> 1.2.0)
      dm-migrations (~> 1.2.0)
      dm-serializer (~> 1.2.0)
      dm-timestamps (~> 1.2.0)
      dm-transactions (~> 1.2.0)
      dm-types (~> 1.2.0)
      dm-validations (~> 1.2.0)
    debugger (1.6.4)
      columnize (>= 0.3.1)
      debugger-linecache (~> 1.2.0)
      debugger-ruby_core_source (~> 1.3.0)
    debugger-linecache (1.2.0)
    debugger-ruby_core_source (1.3.0)
    dm-aggregates (1.2.0)
      dm-core (~> 1.2.0)
    dm-constraints (1.2.0)
      dm-core (~> 1.2.0)
    dm-core (1.2.0)
      addressable (~> 2.2.6)
    dm-do-adapter (1.2.0)
      data_objects (~> 0.10.6)
      dm-core (~> 1.2.0)
    dm-migrations (1.2.0)
      dm-core (~> 1.2.0)
    dm-mysql-adapter (1.2.0)
      dm-do-adapter (~> 1.2.0)
      do_mysql (~> 0.10.6)
    dm-serializer (1.2.2)
      dm-core (~> 1.2.0)
      fastercsv (~> 1.5)
      json (~> 1.6)
      json_pure (~> 1.6)
      multi_json (~> 1.0)
    dm-timestamps (1.2.0)
      dm-core (~> 1.2.0)
    dm-transactions (1.2.0)
      dm-core (~> 1.2.0)
    dm-types (1.2.2)
      bcrypt-ruby (~> 3.0)
      dm-core (~> 1.2.0)
      fastercsv (~> 1.5)
      json (~> 1.6)
      multi_json (~> 1.0)
      stringex (~> 1.4)
      uuidtools (~> 2.1)
    dm-validations (1.2.0)
      dm-core (~> 1.2.0)
    do_mysql (0.10.12)
      data_objects (= 0.10.12)
    fastercsv (1.5.5)
    haml (3.1.7)
    i18n (0.6.1)
    json (1.7.7)
    json_pure (1.7.7)
    letters (0.3.1)
      activesupport
      awesome_print
      colorize
      debugger
      xml-simple
    maruku (0.6.1)
      syntax (>= 1.0.0)
    memoist (0.9.1)
    mime-types (2.0)
    multi_json (1.6.1)
    nestful (0.0.8)
      activesupport (>= 3.0.0.beta)
    rack (1.5.2)
    rack-protection (1.3.2)
      rack
    rest-client (1.6.7)
      mime-types (>= 1.16)
    sinatra (1.3.4)
      rack (~> 1.4)
      rack-protection (~> 1.3)
      tilt (~> 1.3, >= 1.3.3)
    stringex (1.5.1)
    syntax (1.0.0)
    tilt (1.3.3)
    time_diff (0.3.0)
      activesupport
      i18n
    uuidtools (2.1.3)
    xml-simple (1.1.2)

PLATFORMS
  ruby

DEPENDENCIES
  bitcoind!
  datamapper
  dm-mysql-adapter
  haml
  letters
  maruku
  nestful
  sinatra
  time_diff
